GEM
  remote: https://rubygems.org/
  specs:
    activesupport (4.2.4)
      i18n (~> 0.7)
      json (~> 1.7, >= 1.7.7)
      minitest (~> 5.1)
      thread_safe (~> 0.3, >= 0.3.4)
      tzinfo (~> 1.1)
    addressable (2.3.8)
    bson (3.2.4)
    colored (1.2)
    faraday (0.9.1)
      multipart-post (>= 1.2, < 3)
    faraday_middleware (0.10.0)
      faraday (>= 0.7.4, < 0.10)
    i18n (0.7.0)
    json (1.8.3)
    json-schema (2.5.1)
      addressable (~> 2.3.7)
    mail (2.6.3)
      mime-types (>= 1.16, < 3)
    mime-types (2.6.2)
    minitest (5.8.1)
    mongo (2.1.1)
      bson (~> 3.0)
    multipart-post (2.0.0)
    oj (2.12.14)
    pg (0.17.1)
    pupa (0.2.2)
      activesupport (~> 4.0)
      colored (~> 1.2)
      faraday_middleware (~> 0.10.0)
      json-schema (~> 2.3)
      mail
      mongo (~> 2.0)
      oj (~> 2.1)
      pg (~> 0.17.0)
      sequel (~> 4.10.0)
    rack (1.6.2)
    rack-protection (1.5.3)
      rack
    rake (10.4.2)
    sequel (4.10.0)
    sinatra (1.4.6)
      rack (~> 1.4)
      rack-protection (~> 1.4)
      tilt (>= 1.3, < 3)
    sinatra-cross_origin (0.3.2)
    thread_safe (0.3.5)
    tilt (2.0.1)
    tzinfo (1.2.2)
      thread_safe (~> 0.1)

PLATFORMS
  ruby

DEPENDENCIES
  activesupport
  faraday
  json-schema
  pupa
  rake
  sinatra
  sinatra-cross_origin

BUNDLED WITH
   1.10.6
